PATH
  remote: .
  specs:
    heroku_plus (4.1.0)
      heroku (>= 2.0.0)
      thor (~> 0.14.0)
      thor_plus (>= 0.2.0)

GEM
  remote: http://rubygems.org/
  specs:
    addressable (2.2.6)
    aruba (0.4.11)
      childprocess (>= 0.2.3)
      cucumber (>= 1.1.1)
      ffi (>= 1.0.11)
      rspec (>= 2.7.0)
    builder (3.0.0)
    childprocess (0.2.4)
      ffi (~> 1.0.6)
    cucumber (1.1.4)
      builder (>= 2.1.2)
      diff-lcs (>= 1.1.2)
      gherkin (~> 2.7.1)
      json (>= 1.4.6)
      term-ansicolor (>= 1.0.6)
    diff-lcs (1.1.3)
    ffi (1.0.11)
    gherkin (2.7.1)
      json (>= 1.4.6)
    heroku (2.17.0)
      launchy (>= 0.3.2)
      rest-client (~> 1.6.1)
      rubyzip
      term-ansicolor (~> 1.0.5)
    json (1.6.4)
    launchy (2.0.5)
      addressable (~> 2.2.6)
    mime-types (1.17.2)
    rake (0.9.2.2)
    rest-client (1.6.7)
      mime-types (>= 1.16)
    rspec (2.7.0)
      rspec-core (~> 2.7.0)
      rspec-expectations (~> 2.7.0)
      rspec-mocks (~> 2.7.0)
    rspec-core (2.7.1)
    rspec-expectations (2.7.0)
      diff-lcs (~> 1.1.2)
    rspec-mocks (2.7.0)
    rubyzip (0.9.5)
    term-ansicolor (1.0.7)
    thor (0.14.6)
    thor_plus (0.2.0)
      thor (~> 0.14.0)

PLATFORMS
  ruby

DEPENDENCIES
  aruba
  heroku_plus!
  rake
  rspec
